GEM
  specs:
    coderay (1.1.3)
    daemons (1.3.1)
    deckrb (0.5.2)
      coderay
      erector (>= 0.9.0)
      json
      nokogiri
      rack (>= 1.4.1)
      rack-codehighlighter
      redcarpet (~> 2)
      thin
      trollop
    erector (0.10.0)
      treetop (>= 1.2.3)
    eventmachine (1.2.7)
    json (2.3.0)
    mini_portile2 (2.4.0)
    nokogiri (1.10.10)
      mini_portile2 (~> 2.4.0)
    polyglot (0.3.5)
    rack (2.2.3)
    rack-codehighlighter (0.6.0)
      nokogiri (>= 1.4.1)
      rack (>= 2.0.0)
    redcarpet (2.3.0)
    thin (1.8.0)
      daemons (~> 1.0, >= 1.0.9)
      eventmachine (~> 1.0, >= 1.0.4)
      rack (>= 1, < 3)
    treetop (1.6.11)
      polyglot (~> 0.3)
    trollop (2.9.10)

PLATFORMS
  ruby

DEPENDENCIES
  deckrb

BUNDLED WITH
   2.1.4
